GEM
  remote: https://rubygems.org/
  specs:
    addressable (2.3.6)
    breakpoint (2.5.0)
      sass (~> 3.3)
      sassy-maps (< 1.0.0)
    celluloid (0.16.0)
      timers (~> 4.0.0)
    chunky_png (1.3.3)
    coderay (1.1.0)
    compass (1.0.1)
      chunky_png (~> 1.2)
      compass-core (~> 1.0.1)
      compass-import-once (~> 1.0.5)
      rb-fsevent (>= 0.9.3)
      rb-inotify (>= 0.9)
      sass (>= 3.3.13, < 3.5)
    compass-core (1.0.1)
      multi_json (~> 1.0)
      sass (>= 3.3.0, < 3.5)
    compass-import-once (1.0.5)
      sass (>= 3.2, < 3.5)
    compass-normalize (1.5)
      compass (>= 0.12.0)
    compass-rgbapng (0.2.1)
      chunky_png (>= 0.8.0)
      compass (>= 0.10.0)
    compass-validator (3.0.1)
    css_parser (1.3.5)
      addressable
    em-websocket (0.5.1)
      eventmachine (>= 0.12.9)
      http_parser.rb (~> 0.6.0)
    eventmachine (1.0.3)
    ffi (1.9.6)
    formatador (0.2.5)
    guard (2.6.1)
      formatador (>= 0.2.4)
      listen (~> 2.7)
      lumberjack (~> 1.0)
      pry (>= 0.9.12)
      thor (>= 0.18.1)
    guard-compass (1.1.0)
      compass (>= 0.10.5)
      guard (~> 2.0)
    guard-livereload (2.3.1)
      em-websocket (~> 0.5)
      guard (~> 2.0)
      multi_json (~> 1.8)
    guard-shell (0.6.1)
      guard (>= 1.1.0)
    hitimes (1.2.2)
    http_parser.rb (0.6.0)
    listen (2.7.11)
      celluloid (>= 0.15.2)
      rb-fsevent (>= 0.9.3)
      rb-inotify (>= 0.9)
    lumberjack (1.0.9)
    method_source (0.8.2)
    multi_json (1.10.1)
    oily_png (1.1.2)
      chunky_png (~> 1.3.1)
    pry (0.10.1)
      coderay (~> 1.1.0)
      method_source (~> 0.8.1)
      slop (~> 3.4)
    rb-fchange (0.0.6)
      ffi
    rb-fsevent (0.9.4)
    rb-inotify (0.9.5)
      ffi (>= 0.5.0)
    sass (3.4.6)
    sass-globbing (1.1.1)
      sass (>= 3.1)
    sassy-maps (0.4.0)
      sass (~> 3.3)
    singularitygs (1.4.0)
      breakpoint (~> 2.4)
      sass (~> 3.3)
    slop (3.6.0)
    susy (2.1.3)
      sass (>= 3.3.0, < 3.5)
    thor (0.19.1)
    timers (4.0.1)
      hitimes
    toolkit (2.6.0)
      sass (~> 3.3)
    yajl-ruby (1.2.1)

PLATFORMS
  ruby

DEPENDENCIES
  breakpoint
  compass
  compass-normalize
  compass-rgbapng
  compass-validator
  css_parser
  guard
  guard-compass
  guard-livereload
  guard-shell
  oily_png
  rb-fchange
  rb-fsevent
  rb-inotify (~> 0.9)
  sass
  sass-globbing
  singularitygs
  susy
  toolkit
  yajl-ruby
